GEM
  remote: https://rubygems.org/
  specs:
    minitest (5.13.0)
    minitest-emoji (2.0.0)
    rake (13.0.1)

PLATFORMS
  ruby

DEPENDENCIES
  minitest (~> 5.13)
  minitest-emoji
  rake (~> 13.0)

BUNDLED WITH
   2.0.2
